GEM
  remote: https://rubygems.org/
  specs:
    bloomfilter-rb (2.1.1)
      redis
    colorize (0.8.1)
    decisiontree (0.5.0)
    faker (1.6.3)
      i18n (~> 0.5)
    highscore (1.2.0)
      bloomfilter-rb (>= 2.1.1)
      whatlanguage (>= 1.0.0)
    i18n (0.7.0)
    redis (3.3.1)
    whatlanguage (1.0.6)

PLATFORMS
  ruby

DEPENDENCIES
  colorize
  decisiontree
  faker
  highscore

BUNDLED WITH
   1.12.5
