GEM
  remote: https://rubygems.org/
  specs:
    bloomfilter-rb (2.1.1)
      redis
    cleverbot_io (1.2.2)
      httpclient (~> 2.8)
      oj (~> 2.15)
    coderay (1.1.1)
    colorize (0.8.1)
    decisiontree (0.5.0)
    faker (1.6.3)
      i18n (~> 0.5)
    highscore (1.2.0)
      bloomfilter-rb (>= 2.1.1)
      whatlanguage (>= 1.0.0)
    httpclient (2.8.2.2)
    i18n (0.7.0)
    language_filter (0.3.01)
    method_source (0.8.2)
    oj (2.17.3)
    pry (0.10.4)
      coderay (~> 1.1.0)
      method_source (~> 0.8.1)
      slop (~> 3.4)
    redis (3.3.1)
    slop (3.6.0)
    whatlanguage (1.0.6)

PLATFORMS
  ruby

DEPENDENCIES
  cleverbot_io
  colorize
  decisiontree
  faker
  highscore
  language_filter
  pry

BUNDLED WITH
   1.12.5
